NUGET
  remote: http://nuget.org/api/v2
  specs:
    CommonMark.NET (0.9.1)
    Fixie (1.0.0.29)
    Fleck (0.12.0.40)
    FubuLocalization (1.1.0.182)
      FubuCore (>= 0.9.9.139)
    HtmlTags (3.0.0.186)
    ILRepack (2.0.5)
    Newtonsoft.Json (4.5.9)
    Nowin (0.18.0.0)
    Owin (1.0)
    RhinoMocks (3.6.1)
    Selenium.RC (2.47.0)
    Selenium.WebDriver (2.47.0)
    Shouldly (2.4.0)
    structuremap (3.2.0.217-alpha)
  remote: https://www.myget.org/F/fubumvc-edge
  specs:
    FubuCore (2.0.0.291)
    FubuMVC.Core (3.0.0.2076)
      FubuCore (>= 2.0)
      FubuLocalization (>= 1.1)
      HtmlTags (>= 3.0)
      Newtonsoft.Json (4.5.9)
      structuremap (>= 3.2)
